GEM
  remote: https://rubygems.org/
  specs:
    coderay (1.1.3)
    method_source (1.0.0)
    mini_portile2 (2.4.0)
    nokogiri (1.10.10)
      mini_portile2 (~> 2.4.0)
    pandoc-ruby (2.1.4)
    pry (0.13.1)
      coderay (~> 1.1)
      method_source (~> 1.0)
    rake (13.0.1)

PLATFORMS
  ruby

DEPENDENCIES
  nokogiri
  pandoc-ruby
  pry
  rake

BUNDLED WITH
   2.1.4
